GEM
  remote: http://rubygems.org/
  specs:
    RedCloth (4.2.9)
    haml (3.1.7)
    nesta (0.9.13)
      RedCloth (~> 4.2)
      haml (~> 3.1)
      rack (~> 1.1)
      rdiscount (~> 1.6)
      sass (~> 3.1)
      shotgun (>= 0.8)
      sinatra (~> 1.3)
    nokogiri (1.5.6)
    plist (3.1.0)
    rack (1.4.3)
    rack-codehighlighter (0.5.0)
      nokogiri (>= 1.4.1)
      rack (>= 1.0.0)
    rack-protection (1.3.2)
      rack
    rdiscount (1.6.8)
    sass (3.2.5)
    shotgun (0.9)
      rack (>= 1.0)
    sinatra (1.3.3)
      rack (~> 1.3, >= 1.3.6)
      rack-protection (~> 1.2)
      tilt (~> 1.3, >= 1.3.3)
    textpow (1.3.0)
      plist (>= 3.0.1)
    tilt (1.3.3)
    ultraviolet (1.0.0)
      textpow (>= 1.3.0)

PLATFORMS
  ruby

DEPENDENCIES
  nesta (~> 0.9.13)
  rack-codehighlighter (~> 0.5.0)
  ultraviolet
