GEM
  remote: http://rubygems.org/
  specs:
    RedCloth (4.2.9)
    coderay (1.0.7)
    haml (3.1.7)
    nesta (0.9.13)
      RedCloth (~> 4.2)
      haml (~> 3.1)
      rack (~> 1.1)
      rdiscount (~> 1.6)
      sass (~> 3.1)
      shotgun (>= 0.8)
      sinatra (~> 1.3)
    newrelic_rpm (3.5.0)
    nokogiri (1.5.5)
    rack (1.4.1)
    rack-codehighlighter (0.5.0)
      nokogiri (>= 1.4.1)
      rack (>= 1.0.0)
    rack-protection (1.2.0)
      rack
    rdiscount (1.6.8)
    sass (3.2.1)
    shotgun (0.9)
      rack (>= 1.0)
    sinatra (1.3.3)
      rack (~> 1.3, >= 1.3.6)
      rack-protection (~> 1.2)
      tilt (~> 1.3, >= 1.3.3)
    tilt (1.3.3)

PLATFORMS
  ruby

DEPENDENCIES
  coderay (~> 1.0.6)
  nesta (~> 0.9.13)
  newrelic_rpm
  rack-codehighlighter (~> 0.5.0)
